GEM
  remote: https://rubygems.org/
  specs:
    actioncable (6.0.0.rc1)
      actionpack (= 6.0.0.rc1)
      nio4r (~> 2.0)
      websocket-driver (>= 0.6.1)
    actionmailbox (6.0.0.rc1)
      actionpack (= 6.0.0.rc1)
      activejob (= 6.0.0.rc1)
      activerecord (= 6.0.0.rc1)
      activestorage (= 6.0.0.rc1)
      activesupport (= 6.0.0.rc1)
      mail (>= 2.7.1)
    actionmailer (6.0.0.rc1)
      actionpack (= 6.0.0.rc1)
      actionview (= 6.0.0.rc1)
      activejob (= 6.0.0.rc1)
      mail (~> 2.5, >= 2.5.4)
      rails-dom-testing (~> 2.0)
    actionpack (6.0.0.rc1)
      actionview (= 6.0.0.rc1)
      activesupport (= 6.0.0.rc1)
      rack (~> 2.0)
      rack-test (>= 0.6.3)
      rails-dom-testing (~> 2.0)
      rails-html-sanitizer (~> 1.0, >= 1.0.2)
    actiontext (6.0.0.rc1)
      actionpack (= 6.0.0.rc1)
      activerecord (= 6.0.0.rc1)
      activestorage (= 6.0.0.rc1)
      activesupport (= 6.0.0.rc1)
      nokogiri (>= 1.8.5)
    actionview (6.0.0.rc1)
      activesupport (= 6.0.0.rc1)
      builder (~> 3.1)
      erubi (~> 1.4)
      rails-dom-testing (~> 2.0)
      rails-html-sanitizer (~> 1.0, >= 1.0.3)
    activejob (6.0.0.rc1)
      activesupport (= 6.0.0.rc1)
      globalid (>= 0.3.6)
    activemodel (6.0.0.rc1)
      activesupport (= 6.0.0.rc1)
    activerecord (6.0.0.rc1)
      activemodel (= 6.0.0.rc1)
      activesupport (= 6.0.0.rc1)
    activestorage (6.0.0.rc1)
      actionpack (= 6.0.0.rc1)
      activejob (= 6.0.0.rc1)
      activerecord (= 6.0.0.rc1)
      marcel (~> 0.3.1)
    activesupport (6.0.0.rc1)
      concurrent-ruby (~> 1.0, >= 1.0.2)
      i18n (>= 0.7, < 2)
      minitest (~> 5.1)
      tzinfo (~> 1.1)
      zeitwerk (~> 2.1, >= 2.1.4)
    ast (2.4.0)
    autoprefixer-rails (9.6.0)
      execjs
    backport (1.1.2)
    bcrypt (3.1.13)
    bootstrap (4.3.1)
      autoprefixer-rails (>= 9.1.0)
      popper_js (>= 1.14.3, < 2)
      sassc-rails (>= 2.0.0)
    builder (3.2.3)
    carrierwave (1.3.1)
      activemodel (>= 4.0.0)
      activesupport (>= 4.0.0)
      mime-types (>= 1.16)
    carrierwave-postgresql (0.3.0)
      carrierwave (>= 0.10.0)
    concurrent-ruby (1.1.5)
    crass (1.0.4)
    erubi (1.8.0)
    execjs (2.7.0)
    ffi (1.11.1)
    figaro (1.1.1)
      thor (~> 0.14)
    globalid (0.4.2)
      activesupport (>= 4.2.0)
    htmlentities (4.3.4)
    i18n (1.6.0)
      concurrent-ruby (~> 1.0)
    jaro_winkler (1.5.3)
    jquery-rails (4.3.5)
      rails-dom-testing (>= 1, < 3)
      railties (>= 4.2.0)
      thor (>= 0.14, < 2.0)
    kgio (2.11.2)
    libv8 (7.3.492.27.1)
    listen (3.0.8)
      rb-fsevent (~> 0.9, >= 0.9.4)
      rb-inotify (~> 0.9, >= 0.9.7)
    loofah (2.2.3)
      crass (~> 1.0.2)
      nokogiri (>= 1.5.9)
    mail (2.7.1)
      mini_mime (>= 0.1.1)
    marcel (0.3.3)
      mimemagic (~> 0.3.2)
    method_source (0.9.2)
    mime-types (3.2.2)
      mime-types-data (~> 3.2015)
    mime-types-data (3.2019.0331)
    mimemagic (0.3.3)
    mini_magick (4.9.5)
    mini_mime (1.0.1)
    mini_portile2 (2.4.0)
    mini_racer (0.2.9)
      libv8 (>= 6.9.411)
    minitest (5.11.3)
    nio4r (2.3.1)
    nokogiri (1.10.7)
      mini_portile2 (~> 2.4.0)
    parallel (1.18.0)
    parser (2.6.5.0)
      ast (~> 2.4.0)
    pg (1.1.4)
    popper_js (1.14.5)
    postgresql_lo_streamer (1.2.1)
      rails (>= 4.0)
    rack (2.0.7)
    rack-test (1.1.0)
      rack (>= 1.0, < 3)
    rails (6.0.0.rc1)
      actioncable (= 6.0.0.rc1)
      actionmailbox (= 6.0.0.rc1)
      actionmailer (= 6.0.0.rc1)
      actionpack (= 6.0.0.rc1)
      actiontext (= 6.0.0.rc1)
      actionview (= 6.0.0.rc1)
      activejob (= 6.0.0.rc1)
      activemodel (= 6.0.0.rc1)
      activerecord (= 6.0.0.rc1)
      activestorage (= 6.0.0.rc1)
      activesupport (= 6.0.0.rc1)
      bundler (>= 1.3.0)
      railties (= 6.0.0.rc1)
      sprockets-rails (>= 2.0.0)
    rails-dom-testing (2.0.3)
      activesupport (>= 4.2.0)
      nokogiri (>= 1.6)
    rails-html-sanitizer (1.0.4)
      loofah (~> 2.2, >= 2.2.2)
    railties (6.0.0.rc1)
      actionpack (= 6.0.0.rc1)
      activesupport (= 6.0.0.rc1)
      method_source
      rake (>= 0.8.7)
      thor (>= 0.20.3, < 2.0)
    rainbow (3.0.0)
    raindrops (0.19.0)
    rake (12.3.2)
    rb-fsevent (0.10.3)
    rb-inotify (0.10.0)
      ffi (~> 1.0)
    reverse_markdown (1.3.0)
      nokogiri
    rubocop (0.75.1)
      jaro_winkler (~> 1.5.1)
      parallel (~> 1.10)
      parser (>= 2.6)
      rainbow (>= 2.2.2, < 4.0)
      ruby-progressbar (~> 1.7)
      unicode-display_width (>= 1.4.0, < 1.7)
    ruby-progressbar (1.10.1)
    sass (3.5.7)
      sass-listen (~> 4.0.0)
    sass-listen (4.0.0)
      rb-fsevent (~> 0.9, >= 0.9.4)
      rb-inotify (~> 0.9, >= 0.9.7)
    sassc (2.0.1)
      ffi (~> 1.9)
      rake
    sassc-rails (2.1.1)
      railties (>= 4.0.0)
      sassc (>= 2.0)
      sprockets (> 3.0)
      sprockets-rails
      tilt
    solargraph (0.37.2)
      backport (~> 1.1)
      bundler (>= 1.17.2)
      htmlentities (~> 4.3, >= 4.3.4)
      jaro_winkler (~> 1.5)
      nokogiri (~> 1.9, >= 1.9.1)
      parser (~> 2.3)
      reverse_markdown (~> 1.0, >= 1.0.5)
      rubocop (~> 0.52)
      thor (~> 0.19, >= 0.19.4)
      tilt (~> 2.0)
      yard (~> 0.9)
    sprockets (3.7.2)
      concurrent-ruby (~> 1.0)
      rack (> 1, < 3)
    sprockets-rails (3.2.1)
      actionpack (>= 4.0)
      activesupport (>= 4.0)
      sprockets (>= 3.0.0)
    thor (0.20.3)
    thread_safe (0.3.6)
    tilt (2.0.9)
    tinymce-rails (5.1.5)
      railties (>= 3.1.1)
    tzinfo (1.2.5)
      thread_safe (~> 0.1)
    uglifier (4.1.20)
      execjs (>= 0.3.0, < 3)
    unicode-display_width (1.6.0)
    unicorn (5.5.1)
      kgio (~> 2.6)
      raindrops (~> 0.7)
    websocket-driver (0.7.1)
      websocket-extensions (>= 0.1.0)
    websocket-extensions (0.1.4)
    yard (0.9.20)
    zeitwerk (2.1.6)

PLATFORMS
  ruby

DEPENDENCIES
  bcrypt (~> 3.1.7)
  bootstrap (~> 4.3.1)
  carrierwave
  carrierwave-postgresql
  execjs
  figaro
  jquery-rails
  listen (~> 3.0.5)
  mini_magick (>= 4.9.4)
  mini_racer
  pg
  postgresql_lo_streamer
  rails (~> 6.0.0.rc1)
  sass
  sassc-rails
  solargraph
  tinymce-rails
  uglifier (>= 1.3.0)
  unicorn

BUNDLED WITH
   1.17.2
